GEM
  remote: http://rubygems.org/
  specs:
    adsf (1.2.0)
      rack (>= 1.0.0)
    colored (1.2)
    cri (2.6.1)
      colored (~> 1.2)
    kramdown (1.5.0)
    nanoc (3.7.5)
      cri (~> 2.3)
    rack (1.6.0)
    rouge (1.7.7)

PLATFORMS
  x64-mingw32

DEPENDENCIES
  adsf
  kramdown
  nanoc
  rouge
